GEM
  remote: http://rubygems.org/
  specs:
    RubyInline (3.12.4)
      ZenTest (~> 4.3)
    ZenTest (4.11.0)
    builder (3.2.2)
    cucumber (1.1.3)
      builder (>= 2.1.2)
      diff-lcs (>= 1.1.2)
      gherkin (~> 2.6.7)
      json (>= 1.4.6)
      term-ansicolor (>= 1.0.6)
    diff-lcs (1.1.3)
    fuzzy-string-match (0.9.7)
      RubyInline (>= 3.8.6)
    gherkin (2.6.9)
      json (>= 1.4.6)
    json (1.8.3)
    mini_portile2 (2.0.0)
    nokogiri (1.6.7.2)
      mini_portile2 (~> 2.0.0.rc2)
    rspec (2.7.0)
      rspec-core (~> 2.7.0)
      rspec-expectations (~> 2.7.0)
      rspec-mocks (~> 2.7.0)
    rspec-core (2.7.1)
    rspec-expectations (2.7.0)
      diff-lcs (~> 1.1.2)
    rspec-mocks (2.7.0)
    term-ansicolor (1.3.2)
      tins (~> 1.0)
    tins (1.8.2)

PLATFORMS
  ruby

DEPENDENCIES
  cucumber (= 1.1.3)
  fuzzy-string-match
  nokogiri
  rspec (= 2.7.0)

BUNDLED WITH
   1.11.2
